GEM
  remote: http://rubygems.org/
  specs:
    holidays (5.1.0)
    pg (0.19.0)
    pg (0.19.0-x86-mingw32)

PLATFORMS
  ruby
  x86-mingw32

DEPENDENCIES
  holidays
  pg

BUNDLED WITH
   1.13.3
